GEM
  remote: https://rubygems.org/
  specs:
    accept_values_for (0.7.0)
      activemodel (>= 3, < 5)
      rspec (~> 2.0)
    action_mailer_cache_delivery (0.3.7)
      actionmailer (>= 3.0)
    actionmailer (4.0.8)
      actionpack (= 4.0.8)
      mail (~> 2.5.4)
    actionpack (4.0.8)
      activesupport (= 4.0.8)
      builder (~> 3.1.0)
      erubis (~> 2.7.0)
      rack (~> 1.5.2)
      rack-test (~> 0.6.2)
    activemodel (4.0.8)
      activesupport (= 4.0.8)
      builder (~> 3.1.0)
    activerecord (4.0.8)
      activemodel (= 4.0.8)
      activerecord-deprecated_finders (~> 1.0.2)
      activesupport (= 4.0.8)
      arel (~> 4.0.0)
    activerecord-deprecated_finders (1.0.3)
    activesupport (4.0.8)
      i18n (~> 0.6, >= 0.6.9)
      minitest (~> 4.2)
      multi_json (~> 1.3)
      thread_safe (~> 0.1)
      tzinfo (~> 0.3.37)
    addressable (2.3.6)
    annotate (2.6.3)
      activerecord (>= 2.3.0)
      rake (>= 0.8.7)
    arel (4.0.2)
    ast (2.0.0)
    awesome_print (1.2.0)
    aws-sdk (1.40.1)
      json (~> 1.4)
      nokogiri (>= 1.4.4)
    bcrypt (3.1.7)
    better_errors (1.1.0)
      coderay (>= 1.0.0)
      erubis (>= 2.6.6)
    binding_of_caller (0.7.2)
      debug_inspector (>= 0.0.1)
    brakeman (2.5.0)
      erubis (~> 2.6)
      fastercsv (~> 1.5)
      haml (>= 3.0, < 5.0)
      highline (~> 1.6.20)
      multi_json (~> 1.2)
      ruby2ruby (~> 2.0.5)
      ruby_parser (~> 3.4.0)
      sass (~> 3.0)
      slim (>= 1.3.6, < 3.0)
      terminal-table (~> 1.4)
    builder (3.1.4)
    bullet (4.9.0)
      activesupport
      uniform_notifier (~> 1.6.0)
    capistrano (2.15.5)
      highline
      net-scp (>= 1.0.0)
      net-sftp (>= 2.0.0)
      net-ssh (>= 2.0.14)
      net-ssh-gateway (>= 1.1.0)
    capybara (2.2.1)
      mime-types (>= 1.16)
      nokogiri (>= 1.3.3)
      rack (>= 1.0.0)
      rack-test (>= 0.5.4)
      xpath (~> 2.0)
    capybara-screenshot (0.3.19)
      capybara (>= 1.0, < 3)
      launchy
    capybara-webkit (1.1.0)
      capybara (~> 2.0, >= 2.0.2)
      json
    celluloid (0.15.2)
      timers (~> 1.1.0)
    celluloid-io (0.15.0)
      celluloid (>= 0.15.0)
      nio4r (>= 0.5.0)
    climate_control (0.0.3)
      activesupport (>= 3.0)
    cocaine (0.5.4)
      climate_control (>= 0.0.3, < 1.0)
    code_analyzer (0.4.5)
      sexp_processor
    coderay (1.1.0)
    coffee-rails (4.0.1)
      coffee-script (>= 2.2.0)
      railties (>= 4.0.0, < 5.0)
    coffee-script (2.2.0)
      coffee-script-source
      execjs
    coffee-script-source (1.7.0)
    colored (1.2)
    commonjs (0.2.7)
    cucumber (1.3.15)
      builder (>= 2.1.2)
      diff-lcs (>= 1.1.3)
      gherkin (~> 2.12)
      multi_json (>= 1.7.5, < 2.0)
      multi_test (>= 0.1.1)
    cucumber-rails (1.4.1)
      capybara (>= 1.1.2, < 3)
      cucumber (>= 1.3.8, < 2)
      mime-types (~> 1.16)
      nokogiri (~> 1.5)
      rails (>= 3, < 5)
    database_cleaner (1.2.0)
    debug_inspector (0.0.2)
    devise (3.2.4)
      bcrypt (~> 3.0)
      orm_adapter (~> 0.1)
      railties (>= 3.2.6, < 5)
      thread_safe (~> 0.1)
      warden (~> 1.2.3)
    devise-async (0.9.0)
      devise (~> 3.2)
    devise_invitable (1.3.5)
      actionmailer (>= 3.2.6, < 5)
      devise (>= 3.2.0)
    diff-lcs (1.2.5)
    docile (1.1.3)
    email_spec (1.5.0)
      launchy (~> 2.1)
      mail (~> 2.2)
    erubis (2.7.0)
    exception_notification (4.0.1)
      actionmailer (>= 3.0.4)
      activesupport (>= 3.0.4)
    execjs (2.0.2)
    factory_girl (4.4.0)
      activesupport (>= 3.0.0)
    factory_girl_rails (4.4.1)
      factory_girl (~> 4.4.0)
      railties (>= 3.0.0)
    faker (1.3.0)
      i18n (~> 0.5)
    fastercsv (1.5.5)
    ffi (1.9.3)
    formatador (0.2.4)
    gherkin (2.12.2)
      multi_json (~> 1.3)
    guard (2.6.1)
      formatador (>= 0.2.4)
      listen (~> 2.7)
      lumberjack (~> 1.0)
      pry (>= 0.9.12)
      thor (>= 0.18.1)
    guard-annotate (1.1.0)
      annotate (>= 2.4.0)
      guard (>= 0.2.2)
    guard-cucumber (1.4.1)
      cucumber (>= 1.2.0)
      guard (>= 1.1.0)
    guard-rails_best_practices (0.1.3)
      activesupport
      guard (>= 0.9)
      rails_best_practices (>= 1.1.0)
    guard-rspec (4.2.9)
      guard (~> 2.1)
      rspec (>= 2.14, < 4.0)
    guard-rubocop (1.1.0)
      guard (~> 2.0)
      rubocop (~> 0.20)
    haml (4.0.5)
      tilt
    highline (1.6.21)
    hike (1.2.3)
    i18n (0.6.9)
    jbuilder (1.5.3)
      activesupport (>= 3.0.0)
      multi_json (>= 1.2.0)
    jquery-rails (3.1.0)
      railties (>= 3.0, < 5.0)
      thor (>= 0.14, < 2.0)
    jquery-turbolinks (2.0.2)
      railties (>= 3.1.0)
      turbolinks
    json (1.8.1)
    kgio (2.9.2)
    launchy (2.4.2)
      addressable (~> 2.3)
    less (2.5.0)
      commonjs (~> 0.2.7)
    less-rails (2.5.0)
      actionpack (>= 3.1)
      less (~> 2.5.0)
    letter_opener (1.2.0)
      launchy (~> 2.2)
    libnotify (0.8.2)
      ffi (>= 1.0.11)
    libv8 (3.16.14.3)
    listen (2.7.4)
      celluloid (>= 0.15.2)
      celluloid-io (>= 0.15.0)
      rb-fsevent (>= 0.9.3)
      rb-inotify (>= 0.9)
    lumberjack (1.0.5)
    mail (2.5.4)
      mime-types (~> 1.16)
      treetop (~> 1.4.8)
    method_source (0.8.2)
    mime-types (1.25.1)
    mini_portile (0.5.3)
    minitest (4.7.5)
    multi_json (1.10.1)
    multi_test (0.1.1)
    net-scp (1.2.1)
      net-ssh (>= 2.6.5)
    net-sftp (2.1.2)
      net-ssh (>= 2.6.5)
    net-ssh (2.7.0)
    net-ssh-gateway (1.2.0)
      net-ssh (>= 2.6.5)
    nio4r (1.0.0)
    nokogiri (1.6.2)
      mini_portile (~> 0.5.2)
    orm_adapter (0.5.0)
    paint (0.8.7)
    paperclip (4.1.1)
      activemodel (>= 3.0.0)
      activesupport (>= 3.0.0)
      cocaine (~> 0.5.3)
      mime-types
    parallel (1.0.0)
    parallel_tests (0.16.10)
      parallel
    parser (2.1.9)
      ast (>= 1.1, < 3.0)
      slop (~> 3.4, >= 3.4.5)
    pg (0.17.1)
    polyglot (0.3.5)
    populator (1.0.0)
    powerpack (0.0.9)
    pry (0.9.12.6)
      coderay (~> 1.0)
      method_source (~> 0.8)
      slop (~> 3.4)
    quiet_assets (1.0.2)
      railties (>= 3.1, < 5.0)
    rack (1.5.2)
    rack-test (0.6.2)
      rack (>= 1.0)
    rails (4.0.8)
      actionmailer (= 4.0.8)
      actionpack (= 4.0.8)
      activerecord (= 4.0.8)
      activesupport (= 4.0.8)
      bundler (>= 1.3.0, < 2.0)
      railties (= 4.0.8)
      sprockets-rails (~> 2.0)
    rails_12factor (0.0.2)
      rails_serve_static_assets
      rails_stdout_logging
    rails_best_practices (1.15.4)
      activesupport
      awesome_print
      code_analyzer (>= 0.4.3)
      colored
      erubis
      i18n
      json
      require_all
      ruby-progressbar
    rails_serve_static_assets (0.0.2)
    rails_stdout_logging (0.0.3)
    railties (4.0.8)
      actionpack (= 4.0.8)
      activesupport (= 4.0.8)
      rake (>= 0.8.7)
      thor (>= 0.18.1, < 2.0)
    rainbow (2.0.0)
    raindrops (0.13.0)
    rake (10.3.2)
    random_data (1.6.0)
    rb-fsevent (0.9.4)
    rb-inotify (0.9.4)
      ffi (>= 0.5.0)
    rdoc (4.1.1)
      json (~> 1.4)
    ref (1.0.5)
    require_all (1.3.2)
    rspec (2.14.1)
      rspec-core (~> 2.14.0)
      rspec-expectations (~> 2.14.0)
      rspec-mocks (~> 2.14.0)
    rspec-core (2.14.8)
    rspec-expectations (2.14.5)
      diff-lcs (>= 1.1.3, < 2.0)
    rspec-mocks (2.14.6)
    rspec-rails (2.14.2)
      actionpack (>= 3.0)
      activemodel (>= 3.0)
      activesupport (>= 3.0)
      railties (>= 3.0)
      rspec-core (~> 2.14.0)
      rspec-expectations (~> 2.14.0)
      rspec-mocks (~> 2.14.0)
    rubocop (0.21.0)
      json (>= 1.7.7, < 2)
      parser (~> 2.1.9)
      powerpack (~> 0.0.6)
      rainbow (>= 1.99.1, < 3.0)
      ruby-progressbar (~> 1.4)
    ruby-progressbar (1.5.0)
    ruby2ruby (2.0.8)
      ruby_parser (~> 3.1)
      sexp_processor (~> 4.0)
    ruby_parser (3.4.1)
      sexp_processor (~> 4.1)
    rvm-capistrano (1.5.1)
      capistrano (~> 2.15.4)
    sass (3.3.7)
    sdoc (0.4.0)
      json (~> 1.8)
      rdoc (~> 4.0, < 5.0)
    settingslogic (2.0.9)
    sexp_processor (4.4.3)
    shoulda-matchers (2.6.1)
      activesupport (>= 3.0.0)
    simple_form (3.0.2)
      actionpack (~> 4.0)
      activemodel (~> 4.0)
    simplecov (0.8.2)
      docile (~> 1.1.0)
      multi_json
      simplecov-html (~> 0.8.0)
    simplecov-html (0.8.0)
    slim (2.0.2)
      temple (~> 0.6.6)
      tilt (>= 1.3.3, < 2.1)
    slop (3.5.0)
    sprockets (2.12.1)
      hike (~> 1.2)
      multi_json (~> 1.0)
      rack (~> 1.0)
      tilt (~> 1.1, != 1.3.0)
    sprockets-rails (2.1.3)
      actionpack (>= 3.0)
      activesupport (>= 3.0)
      sprockets (~> 2.8)
    squash_rails (1.3.3)
      squash_ruby
    squash_ruby (1.4.0)
      json
    syntax (1.2.0)
    temple (0.6.7)
    terminal-table (1.4.5)
    therubyracer (0.12.1)
      libv8 (~> 3.16.14.0)
      ref
    thor (0.19.1)
    thread_safe (0.3.4)
    tilt (1.4.1)
    timers (1.1.0)
    treetop (1.4.15)
      polyglot
      polyglot (>= 0.3.1)
    turbolinks (2.2.2)
      coffee-rails
    twitter-bootstrap-rails (2.2.8)
      actionpack (>= 3.1)
      execjs
      rails (>= 3.1)
      railties (>= 3.1)
    tzinfo (0.3.39)
    uglifier (2.5.0)
      execjs (>= 0.3.0)
      json (>= 1.8.0)
    unicorn (4.8.3)
      kgio (~> 2.6)
      rack
      raindrops (~> 0.7)
    uniform_notifier (1.6.1)
    warden (1.2.3)
      rack (>= 1.0)
    wicked_pdf (0.10.2)
      rails
    will_paginate (3.0.5)
    xpath (2.0.0)
      nokogiri (~> 1.3)
    yard (0.8.7.4)
    zeus (0.13.3)
      method_source (>= 0.6.7)
    zeus-parallel_tests (0.2.4)
      parallel_tests (>= 0.11.3)
      zeus (~> 0.13.3)

PLATFORMS
  ruby

DEPENDENCIES
  accept_values_for
  action_mailer_cache_delivery
  annotate
  aws-sdk
  better_errors
  binding_of_caller
  brakeman
  bullet
  capistrano (= 2.15.5)
  capybara
  capybara-screenshot
  capybara-webkit
  coffee-rails (~> 4.0.0)
  cucumber-rails
  database_cleaner
  devise
  devise-async
  devise_invitable
  email_spec
  exception_notification
  factory_girl_rails
  faker
  guard
  guard-annotate
  guard-cucumber
  guard-rails_best_practices
  guard-rspec
  guard-rubocop
  jbuilder (~> 1.2)
  jquery-rails
  jquery-turbolinks
  launchy
  less-rails
  letter_opener
  libnotify
  net-ssh (= 2.7.0)
  paint
  paperclip
  parallel_tests
  pg
  populator
  quiet_assets
  rails (= 4.0.8)
  rails_12factor
  rails_best_practices
  random_data
  rb-inotify
  rspec-rails
  rubocop
  rvm-capistrano
  sdoc
  settingslogic (~> 2.0.9)
  shoulda-matchers
  simple_form
  simplecov
  squash_rails
  squash_ruby
  syntax
  therubyracer
  turbolinks
  twitter-bootstrap-rails
  uglifier (>= 1.3.0)
  unicorn
  wicked_pdf
  will_paginate (~> 3.0)
  yard
  zeus
  zeus-parallel_tests
